PATH
  remote: .
  specs:
    wgconf (0.1.0)
      netaddr (~> 2.0)
      thor (~> 0.20)

GEM
  remote: https://rubygems.org/
  specs:
    ast (2.4.0)
    jaro_winkler (1.5.4)
    netaddr (2.0.4)
    parallel (1.19.1)
    parser (2.6.5.0)
      ast (~> 2.4.0)
    rainbow (3.0.0)
    rake (13.0.1)
    rubocop (0.76.0)
      jaro_winkler (~> 1.5.1)
      parallel (~> 1.10)
      parser (>= 2.6)
      rainbow (>= 2.2.2, < 4.0)
      ruby-progressbar (~> 1.7)
      unicode-display_width (>= 1.4.0, < 1.7)
    ruby-progressbar (1.10.1)
    thor (0.20.3)
    unicode-display_width (1.6.0)

PLATFORMS
  ruby

DEPENDENCIES
  bundler (~> 2.0)
  rake (~> 13.0)
  rubocop (~> 0.76)
  wgconf!

BUNDLED WITH
   2.0.2
